GIT
  remote: git://github.com/alwold/asu-schedule-scraper.git
  revision: 238db0c06f64353560939a670b121efbfbb16d52
  specs:
    asu-schedule-scraper (0.1)
      nokogiri

GIT
  remote: git://github.com/alwold/mock-schedule-scraper.git
  revision: 017c55bccc21071a82606fa61d4f2987b9aad648
  specs:
    mock-schedule-scraper (0.1)

GEM
  remote: https://rubygems.org/
  specs:
    actionmailer (3.2.3)
      actionpack (= 3.2.3)
      mail (~> 2.4.4)
    actionpack (3.2.3)
      activemodel (= 3.2.3)
      activesupport (= 3.2.3)
      builder (~> 3.0.0)
      erubis (~> 2.7.0)
      journey (~> 1.0.1)
      rack (~> 1.4.0)
      rack-cache (~> 1.2)
      rack-test (~> 0.6.1)
      sprockets (~> 2.1.2)
    activemodel (3.2.3)
      activesupport (= 3.2.3)
      builder (~> 3.0.0)
    activerecord (3.2.3)
      activemodel (= 3.2.3)
      activesupport (= 3.2.3)
      arel (~> 3.0.2)
      tzinfo (~> 0.3.29)
    activerecord-jdbc-adapter (1.2.2)
    activerecord-jdbcpostgresql-adapter (1.2.2)
      activerecord-jdbc-adapter (~> 1.2.2)
      jdbc-postgres (>= 9.0, < 9.2)
    activeresource (3.2.3)
      activemodel (= 3.2.3)
      activesupport (= 3.2.3)
    activesupport (3.2.3)
      i18n (~> 0.6)
      multi_json (~> 1.0)
    arel (3.0.2)
    bcrypt-ruby (3.0.1)
    bcrypt-ruby (3.0.1-java)
    bouncy-castle-java (1.5.0146.1)
    builder (3.0.0)
    capistrano (2.12.0)
      highline
      net-scp (>= 1.0.0)
      net-sftp (>= 2.0.0)
      net-ssh (>= 2.0.14)
      net-ssh-gateway (>= 1.1.0)
    coffee-rails (3.2.2)
      coffee-script (>= 2.2.0)
      railties (~> 3.2.0)
    coffee-script (2.2.0)
      coffee-script-source
      execjs
    coffee-script-source (1.3.1)
    columnize (0.3.6)
    commonjs (0.2.6)
    daemons (1.1.8)
    daemons-rails (1.0.0)
      daemons
      multi_json (~> 1.0)
      rails (~> 3.0)
    debugger (1.1.3)
      columnize (>= 0.3.1)
      debugger-linecache (~> 1.1.1)
      debugger-ruby_core_source (~> 1.1.2)
    debugger-linecache (1.1.1)
      debugger-ruby_core_source (>= 1.1.1)
    debugger-ruby_core_source (1.1.3)
    devise (2.0.4)
      bcrypt-ruby (~> 3.0)
      orm_adapter (~> 0.0.3)
      railties (~> 3.1)
      warden (~> 1.1.1)
    dynamic_form (1.1.4)
    erubis (2.7.0)
    eventmachine (0.12.10)
    eventmachine (0.12.10-java)
    execjs (1.3.1)
      multi_json (~> 1.0)
    foreigner (1.1.6)
      activerecord (>= 3.0.0)
    highline (1.6.11)
    hike (1.2.1)
    i18n (0.6.0)
    immigrant (0.1.1)
      activerecord (>= 3.0)
      foreigner (>= 1.1.3)
    jdbc-postgres (9.1.901)
    journey (1.0.3)
    jquery-rails (2.0.2)
      railties (>= 3.2.0, < 5.0)
      thor (~> 0.14)
    jruby-jars (1.6.7.2)
    jruby-openssl (0.7.6.1)
      bouncy-castle-java (>= 1.5.0146.1)
    jruby-rack (1.1.5)
    json (1.7.0)
    json (1.7.0-java)
    jwt (0.1.4)
      json (>= 1.2.4)
    less (2.2.1)
      commonjs (~> 0.2.6)
    less-rails (2.2.2)
      actionpack (>= 3.1)
      less (~> 2.2.0)
    libv8 (3.3.10.4)
    mail (2.4.4)
      i18n (>= 0.4.0)
      mime-types (~> 1.16)
      treetop (~> 1.4.8)
    mime-types (1.18)
    multi_json (1.3.4)
    net-scp (1.0.4)
      net-ssh (>= 1.99.1)
    net-sftp (2.0.5)
      net-ssh (>= 2.0.9)
    net-ssh (2.3.0)
    net-ssh-gateway (1.1.0)
      net-ssh (>= 1.99.1)
    nokogiri (1.5.2)
    nokogiri (1.5.2-java)
    orm_adapter (0.0.7)
    pg (0.13.2)
    polyglot (0.3.3)
    rack (1.4.1)
    rack-cache (1.2)
      rack (>= 0.4)
    rack-ssl (1.3.2)
      rack
    rack-test (0.6.1)
      rack (>= 1.0)
    rails (3.2.3)
      actionmailer (= 3.2.3)
      actionpack (= 3.2.3)
      activerecord (= 3.2.3)
      activeresource (= 3.2.3)
      activesupport (= 3.2.3)
      bundler (~> 1.0)
      railties (= 3.2.3)
    railties (3.2.3)
      actionpack (= 3.2.3)
      activesupport (= 3.2.3)
      rack-ssl (~> 1.3.2)
      rake (>= 0.8.7)
      rdoc (~> 3.4)
      thor (~> 0.14.6)
    rake (0.9.2.2)
    rdoc (3.12)
      json (~> 1.4)
    rest-client (1.6.7)
      mime-types (>= 1.16)
    ruby-debug (0.10.4)
      columnize (>= 0.1)
      ruby-debug-base (~> 0.10.4.0)
    ruby-debug-base (0.10.4-java)
    ruby-hmac (0.4.0)
    rubyzip (0.9.8)
    sass (3.1.16)
    sass-rails (3.2.5)
      railties (~> 3.2.0)
      sass (>= 3.1.10)
      tilt (~> 1.3)
    sprockets (2.1.3)
      hike (~> 1.2)
      rack (~> 1.0)
      tilt (~> 1.1, != 1.3.0)
    stripe (1.6.3)
      rest-client (~> 1.4)
    therubyracer (0.10.1)
      libv8 (~> 3.3.10)
    thin (1.3.1)
      daemons (>= 1.0.9)
      eventmachine (>= 0.12.6)
      rack (>= 1.0.0)
    thor (0.14.6)
    tilt (1.3.3)
    treetop (1.4.10)
      polyglot
      polyglot (>= 0.3.1)
    twilio-ruby (3.6.0)
      builder (>= 2.1.2)
      jwt (>= 0.1.2)
      multi_json (>= 1.0.3)
    twitter-bootstrap-rails (2.0.6)
      actionpack (>= 3.1)
      less-rails (~> 2.2.0)
      railties (>= 3.1)
    tzinfo (0.3.33)
    uglifier (1.2.4)
      execjs (>= 0.3.0)
      multi_json (>= 1.0.2)
    warbler (1.3.5)
      jruby-jars (>= 1.4.0)
      jruby-rack (>= 1.0.0)
      rake (>= 0.8.7)
      rubyzip (>= 0.9.4)
    warden (1.1.1)
      rack (>= 1.0)

PLATFORMS
  java
  ruby

DEPENDENCIES
  activerecord-jdbcpostgresql-adapter
  asu-schedule-scraper!
  capistrano
  coffee-rails (~> 3.2.1)
  daemons-rails
  debugger
  devise
  dynamic_form
  foreigner
  immigrant
  jquery-rails
  jruby-openssl
  json
  mock-schedule-scraper!
  pg
  rails (= 3.2.3)
  ruby-debug
  ruby-hmac
  sass-rails (~> 3.2.3)
  stripe
  therubyracer
  thin
  twilio-ruby
  twitter-bootstrap-rails
  uglifier (>= 1.0.3)
  warbler
