GIT
  remote: git://github.com/alwold/asu-schedule-scraper.git
  revision: 9a62f78c592c32a83f9779cf8a858067cbf550a2
  specs:
    asu-schedule-scraper (0.1)
      nokogiri

GIT
  remote: git://github.com/alwold/csusb-schedule-scraper.git
  revision: 82c80d5dcb812a2a529e8bdfd3bb6261144b21b8
  specs:
    csusb-schedule-scraper (0.1)
      nokogiri

GIT
  remote: git://github.com/alwold/elac-schedule-scraper.git
  revision: f198486ece4069979a81e7a423c8e2846a20a21d
  specs:
    elac-schedule-scraper (1.0)

GIT
  remote: git://github.com/alwold/mock-schedule-scraper.git
  revision: c1e52607a7859c6737561cb947d3021239dce47c
  specs:
    mock-schedule-scraper (0.1)

GIT
  remote: git://github.com/alwold/saddleback-schedule-scraper.git
  revision: d0299f07398ed517e47201d4ee63990a80d18b38
  specs:
    saddleback-schedule-scraper (0.1)
      nokogiri

GIT
  remote: git://github.com/alwold/uoregon-schedule-scraper.git
  revision: fff11578efa7749ead7137406c2d3f5db0d947ca
  specs:
    uoregon-schedule-scraper (0.1)
      nokogiri

GIT
  remote: git://github.com/alwold/uwest-schedule-scraper.git
  revision: d4c5f51f52de222de32fcc18cfe09f9cc61d9738
  specs:
    uwest-schedule-scraper (0.1)
      phantomjs.rb

GIT
  remote: git://github.com/alwold/wellesley-schedule-scraper.git
  revision: 2e8eec4e0a525e6d1729970c5f9c05b51c4fe96b
  specs:
    wellesley-schedule-scraper (0.1)
      nokogiri

GIT
  remote: git://github.com/alwold/yc-schedule-scraper.git
  revision: 4c4e68b8051132e09a1ef5c7530b894b2fd4a27e
  specs:
    yc-schedule-scraper (0.1)
      nokogiri

GEM
  remote: https://rubygems.org/
  specs:
    actionmailer (3.2.15)
      actionpack (= 3.2.15)
      mail (~> 2.5.4)
    actionpack (3.2.15)
      activemodel (= 3.2.15)
      activesupport (= 3.2.15)
      builder (~> 3.0.0)
      erubis (~> 2.7.0)
      journey (~> 1.0.4)
      rack (~> 1.4.5)
      rack-cache (~> 1.2)
      rack-test (~> 0.6.1)
      sprockets (~> 2.2.1)
    activemodel (3.2.15)
      activesupport (= 3.2.15)
      builder (~> 3.0.0)
    activerecord (3.2.15)
      activemodel (= 3.2.15)
      activesupport (= 3.2.15)
      arel (~> 3.0.2)
      tzinfo (~> 0.3.29)
    activeresource (3.2.15)
      activemodel (= 3.2.15)
      activesupport (= 3.2.15)
    activesupport (3.2.15)
      i18n (~> 0.6, >= 0.6.4)
      multi_json (~> 1.0)
    arel (3.0.3)
    bcrypt-ruby (3.0.1)
    bcrypt-ruby (3.0.1-java)
    bootstrap-datepicker-rails (1.1.1.10)
      railties (>= 3.0)
    builder (3.0.4)
    cancan (1.6.10)
    capistrano (2.15.4)
      highline
      net-scp (>= 1.0.0)
      net-sftp (>= 2.0.0)
      net-ssh (>= 2.0.14)
      net-ssh-gateway (>= 1.1.0)
    capybara (2.4.1)
      mime-types (>= 1.16)
      nokogiri (>= 1.3.3)
      rack (>= 1.0.0)
      rack-test (>= 0.5.4)
      xpath (~> 2.0)
    cliver (0.3.2)
    coffee-rails (3.2.2)
      coffee-script (>= 2.2.0)
      railties (~> 3.2.0)
    coffee-script (2.2.0)
      coffee-script-source
      execjs
    coffee-script-source (1.6.2)
    columnize (0.3.6)
    commonjs (0.2.7)
    daemons (1.1.9)
    daemons-rails (1.1.2)
      daemons
      multi_json (~> 1.0)
      rails (~> 3.0)
    debugger (1.6.0)
      columnize (>= 0.3.1)
      debugger-linecache (~> 1.2.0)
      debugger-ruby_core_source (~> 1.2.1)
    debugger-linecache (1.2.0)
    debugger-ruby_core_source (1.2.2)
    devise (2.2.4)
      bcrypt-ruby (~> 3.0)
      orm_adapter (~> 0.1)
      railties (~> 3.1)
      warden (~> 1.2.1)
    diff-lcs (1.2.5)
    erubis (2.7.0)
    eventmachine (1.0.3)
    eventmachine (1.0.3-java)
    exception_notification (3.0.1)
      actionmailer (>= 3.0.4)
    execjs (1.4.0)
      multi_json (~> 1.0)
    factory_girl (4.3.0)
      activesupport (>= 3.0.0)
    factory_girl_rails (4.3.0)
      factory_girl (~> 4.3.0)
      railties (>= 3.0.0)
    foreigner (1.4.1)
      activerecord (>= 3.0.0)
    high_voltage (1.2.2)
    highline (1.6.18)
    hike (1.2.3)
    i18n (0.6.5)
    immigrant (0.1.4)
      activerecord (>= 3.0)
      foreigner (>= 1.2.1)
    journey (1.0.4)
    jquery-rails (2.2.1)
      railties (>= 3.0, < 5.0)
      thor (>= 0.14, < 2.0)
    json (1.8.1)
    json (1.8.1-java)
    jwt (0.1.8)
      multi_json (>= 1.5)
    less (2.3.2)
      commonjs (~> 0.2.6)
    less-rails (2.3.3)
      actionpack (>= 3.1)
      less (~> 2.3.1)
    libv8 (3.16.14.3)
    mail (2.5.4)
      mime-types (~> 1.16)
      treetop (~> 1.4.8)
    mime-types (1.25.1)
    mini_portile (0.6.0)
    multi_json (1.10.1)
    net-scp (1.1.0)
      net-ssh (>= 2.6.5)
    net-sftp (2.1.1)
      net-ssh (>= 2.6.5)
    net-ssh (2.6.7)
    net-ssh-gateway (1.2.0)
      net-ssh (>= 2.6.5)
    nokogiri (1.6.3.1)
      mini_portile (= 0.6.0)
    nokogiri (1.6.3.1-java)
    orm_adapter (0.4.0)
    pg (0.15.1)
    phantomjs.rb (1.0.1)
    poltergeist (1.5.1)
      capybara (~> 2.1)
      cliver (~> 0.3.1)
      multi_json (~> 1.0)
      websocket-driver (>= 0.2.0)
    polyglot (0.3.3)
    rack (1.4.5)
    rack-cache (1.2)
      rack (>= 0.4)
    rack-ssl (1.3.3)
      rack
    rack-test (0.6.2)
      rack (>= 1.0)
    rails (3.2.15)
      actionmailer (= 3.2.15)
      actionpack (= 3.2.15)
      activerecord (= 3.2.15)
      activeresource (= 3.2.15)
      activesupport (= 3.2.15)
      bundler (~> 1.0)
      railties (= 3.2.15)
    railties (3.2.15)
      actionpack (= 3.2.15)
      activesupport (= 3.2.15)
      rack-ssl (~> 1.3.2)
      rake (>= 0.8.7)
      rdoc (~> 3.4)
      thor (>= 0.14.6, < 2.0)
    rake (10.1.0)
    rdoc (3.12.2)
      json (~> 1.4)
    ref (1.0.5)
    rest-client (1.6.7)
      mime-types (>= 1.16)
    rspec-core (2.14.7)
    rspec-expectations (2.14.4)
      diff-lcs (>= 1.1.3, < 2.0)
    rspec-mocks (2.14.4)
    rspec-rails (2.14.0)
      actionpack (>= 3.0)
      activesupport (>= 3.0)
      railties (>= 3.0)
      rspec-core (~> 2.14.0)
      rspec-expectations (~> 2.14.0)
      rspec-mocks (~> 2.14.0)
    sass (3.2.8)
    sass-rails (3.2.6)
      railties (~> 3.2.0)
      sass (>= 3.1.10)
      tilt (~> 1.3)
    sprockets (2.2.2)
      hike (~> 1.2)
      multi_json (~> 1.0)
      rack (~> 1.0)
      tilt (~> 1.1, != 1.3.0)
    stripe (1.8.2)
      multi_json (>= 1.0.4, < 2)
      rest-client (~> 1.4)
    therubyracer (0.12.0)
      libv8 (~> 3.16.14.0)
      ref
    thin (1.5.1)
      daemons (>= 1.0.9)
      eventmachine (>= 0.12.6)
      rack (>= 1.0.0)
    thor (0.18.1)
    tilt (1.4.1)
    treetop (1.4.15)
      polyglot
      polyglot (>= 0.3.1)
    twilio-ruby (3.9.0)
      builder (>= 2.1.2)
      jwt (>= 0.1.2)
      multi_json (>= 1.3.0)
    twitter-bootstrap-rails (2.2.8)
      actionpack (>= 3.1)
      execjs
      rails (>= 3.1)
      railties (>= 3.1)
    tzinfo (0.3.38)
    uglifier (2.0.1)
      execjs (>= 0.3.0)
      multi_json (~> 1.0, >= 1.0.2)
    warden (1.2.1)
      rack (>= 1.0)
    websocket-driver (0.3.4)
    websocket-driver (0.3.4-java)
    xpath (2.0.0)
      nokogiri (~> 1.3)

PLATFORMS
  java
  ruby

DEPENDENCIES
  asu-schedule-scraper!
  bootstrap-datepicker-rails
  cancan
  capistrano
  capybara
  coffee-rails (~> 3.2.1)
  csusb-schedule-scraper!
  daemons-rails
  debugger
  devise
  elac-schedule-scraper!
  exception_notification
  factory_girl_rails
  foreigner
  high_voltage
  immigrant
  jquery-rails
  json
  less-rails
  mock-schedule-scraper!
  pg
  poltergeist
  rails (= 3.2.15)
  rspec-rails
  saddleback-schedule-scraper!
  sass-rails (~> 3.2.5)
  stripe
  therubyracer
  thin
  twilio-ruby
  twitter-bootstrap-rails
  uglifier (>= 1.0.3)
  uoregon-schedule-scraper!
  uwest-schedule-scraper!
  wellesley-schedule-scraper!
  yc-schedule-scraper!
